PATH
  remote: .
  specs:
    verbum-api (0.0.1)
      faraday (~> 0.9.0)

GEM
  remote: https://rubygems.org/
  specs:
    addressable (2.3.6)
    byebug (3.5.1)
      columnize (~> 0.8)
      debugger-linecache (~> 1.2)
      slop (~> 3.6)
    columnize (0.8.9)
    crack (0.4.2)
      safe_yaml (~> 1.0.0)
    debugger-linecache (1.2.0)
    docile (1.1.5)
    faraday (0.9.0)
      multipart-post (>= 1.2, < 3)
    metaclass (0.0.4)
    minitest (5.4.2)
    mocha (1.1.0)
      metaclass (~> 0.0.1)
    multi_json (1.10.1)
    multipart-post (2.0.0)
    rake (10.3.2)
    safe_yaml (1.0.4)
    simplecov (0.9.1)
      docile (~> 1.1.0)
      multi_json (~> 1.0)
      simplecov-html (~> 0.8.0)
    simplecov-html (0.8.0)
    slop (3.6.0)
    webmock (1.20.0)
      addressable (>= 2.3.6)
      crack (>= 0.3.2)

PLATFORMS
  ruby

DEPENDENCIES
  bundler (~> 1.7)
  byebug (~> 3.5.1)
  minitest (~> 5.4.2)
  mocha (~> 1.1.0)
  rake (~> 10.0)
  simplecov (~> 0.9.1)
  verbum-api!
  webmock (~> 1.20.0)
